GEM
  remote: https://rubygems.org/
  specs:
    execjs (2.0.1)
    multi_json (1.7.9)
    uglifier (2.2.1)
      execjs (>= 0.3.0)
      multi_json (~> 1.0, >= 1.0.2)

PLATFORMS
  ruby

DEPENDENCIES
  uglifier
