GEM
  remote: https://rubygems.org/
  specs:
    execjs (2.8.1)
    uglifier (4.2.0)
      execjs (>= 0.3.0, < 3)

PLATFORMS
  ruby

DEPENDENCIES
  uglifier (>= 2.7.2)

BUNDLED WITH
   2.1.4
